GIT
  remote: git://github.com/piglop/mediawiki-gateway.git
  revision: 26395c97a9bb00f3eedce065630a9d8aaba181af
  specs:
    mediawiki-gateway (0.4.5)
      activesupport
      rest-client (>= 1.3.0)

GEM
  remote: https://rubygems.org/
  specs:
    activesupport (3.2.3)
      i18n (~> 0.6)
      multi_json (~> 1.0)
    i18n (0.6.0)
    mime-types (1.18)
    multi_json (1.3.5)
    rest-client (1.6.7)
      mime-types (>= 1.16)

PLATFORMS
  ruby

DEPENDENCIES
  mediawiki-gateway!
