GIT
  remote: git://github.com/piglop/mediawiki-gateway.git
  revision: 3df31b488187765959ac442ab0b40096e1d11772
  specs:
    mediawiki-gateway (0.5.0)
      activesupport
      rest-client (>= 1.3.0)

GEM
  remote: https://rubygems.org/
  specs:
    activesupport (3.2.6)
      i18n (~> 0.6)
      multi_json (~> 1.0)
    i18n (0.6.0)
    mime-types (1.19)
    multi_json (1.3.6)
    rest-client (1.6.7)
      mime-types (>= 1.16)

PLATFORMS
  ruby

DEPENDENCIES
  mediawiki-gateway!
