GEM
  remote: https://rubygems.org/
  specs:
    domain_name (0.5.24)
      unf (>= 0.0.5, < 1.0.0)
    faraday (0.9.1)
      multipart-post (>= 1.2, < 3)
    faraday-cookie_jar (0.0.6)
      faraday (>= 0.7.4)
      http-cookie (~> 1.0.0)
    http-cookie (1.0.2)
      domain_name (~> 0.5)
    mediawiki_api (0.4.1)
      faraday (~> 0.9, >= 0.9.0)
      faraday-cookie_jar (~> 0.0, >= 0.0.6)
    multipart-post (2.0.0)
    unf (0.1.4)
      unf_ext
    unf_ext (0.0.7.1)
    unicode (0.4.4.1)

PLATFORMS
  ruby

DEPENDENCIES
  mediawiki_api
  unicode
